PATH
  remote: submodules/cukable
  specs:
    cukable (0.1.2)
      cucumber
      diff-lcs
      json

PATH
  remote: submodules/rsel
  specs:
    rsel (0.0.1)
      selenium-client
      xpath

PATH
  remote: submodules/rubyslim
  specs:
    rubyslim (0.1.1)

GEM
  remote: http://rubygems.org/
  specs:
    builder (3.0.0)
    cucumber (1.0.1)
      builder (>= 2.1.2)
      diff-lcs (>= 1.1.2)
      gherkin (~> 2.4.5)
      json (>= 1.4.6)
      term-ansicolor (>= 1.0.5)
    diff-lcs (1.1.2)
    gherkin (2.4.5)
      json (>= 1.4.6)
    json (1.5.3)
    nokogiri (1.5.0)
    selenium-client (1.2.18)
    term-ansicolor (1.0.5)
    xpath (0.1.4)
      nokogiri (~> 1.3)

PLATFORMS
  ruby

DEPENDENCIES
  cukable!
  rsel!
  rubyslim!
